GEM
  remote: https://rubygems.org/
  specs:
    actionmailer (3.2.22.2)
      actionpack (= 3.2.22.2)
      mail (~> 2.5.4)
    actionpack (3.2.22.2)
      activemodel (= 3.2.22.2)
      activesupport (= 3.2.22.2)
      builder (~> 3.0.0)
      erubis (~> 2.7.0)
      journey (~> 1.0.4)
      rack (~> 1.4.5)
      rack-cache (~> 1.2)
      rack-test (~> 0.6.1)
      sprockets (~> 2.2.1)
    activemodel (3.2.22.2)
      activesupport (= 3.2.22.2)
      builder (~> 3.0.0)
    activerecord (3.2.22.2)
      activemodel (= 3.2.22.2)
      activesupport (= 3.2.22.2)
      arel (~> 3.0.2)
      tzinfo (~> 0.3.29)
    activeresource (3.2.22.2)
      activemodel (= 3.2.22.2)
      activesupport (= 3.2.22.2)
    activesupport (3.2.22.2)
      i18n (~> 0.6, >= 0.6.4)
      multi_json (~> 1.0)
    acts-as-taggable-on (2.4.1)
      rails (>= 3, < 5)
    addressable (2.4.0)
    arel (3.0.3)
    authlogic (3.3.0)
      activerecord (>= 3.2)
      activesupport (>= 3.2)
    aws-sdk (1.11.1)
      json (~> 1.4)
      nokogiri (>= 1.4.4)
      uuidtools (~> 2.1)
    bluecloth (2.2.0)
    browser (0.2.1)
    builder (3.0.4)
    capistrano (2.15.5)
      highline
      net-scp (>= 1.0.0)
      net-sftp (>= 2.0.0)
      net-ssh (>= 2.0.14)
      net-ssh-gateway (>= 1.1.0)
    capybara (2.7.1)
      addressable
      mime-types (>= 1.16)
      nokogiri (>= 1.3.3)
      rack (>= 1.0.0)
      rack-test (>= 0.5.4)
      xpath (~> 2.0)
    chronic (0.10.2)
    climate_control (0.0.3)
      activesupport (>= 3.0)
    cocaine (0.5.1)
      climate_control (>= 0.0.3, < 1.0)
    database_cleaner (1.1.1)
    delorean (2.1.0)
      chronic
    erubis (2.7.0)
    exception_notification (3.0.1)
      actionmailer (>= 3.0.4)
    factory_girl (4.2.0)
      activesupport (>= 3.0.0)
    faker (1.2.0)
      i18n (~> 0.5)
    highline (1.6.19)
    hike (1.2.3)
    i18n (0.7.0)
    journey (1.0.4)
    json (1.8.3)
    mail (2.5.4)
      mime-types (~> 1.16)
      treetop (~> 1.4.8)
    metaclass (0.0.4)
    mime-types (1.25.1)
    mini_portile (0.5.1)
    mocha (0.13.3)
      metaclass (~> 0.0.1)
    multi_json (1.12.1)
    mysql2 (0.3.13)
    net-scp (1.1.2)
      net-ssh (>= 2.6.5)
    net-sftp (2.1.2)
      net-ssh (>= 2.6.5)
    net-ssh (2.7.0)
    net-ssh-gateway (1.2.0)
      net-ssh (>= 2.6.5)
    nifty-generators (0.4.6)
    nokogiri (1.6.0)
      mini_portile (~> 0.5.0)
    paperclip (3.5.1)
      activemodel (>= 3.0.0)
      activesupport (>= 3.0.0)
      cocaine (~> 0.5.0)
      mime-types
    polyglot (0.3.5)
    rack (1.4.7)
    rack-cache (1.6.1)
      rack (>= 0.4)
    rack-ssl (1.3.4)
      rack
    rack-test (0.6.3)
      rack (>= 1.0)
    rails (3.2.22.2)
      actionmailer (= 3.2.22.2)
      actionpack (= 3.2.22.2)
      activerecord (= 3.2.22.2)
      activeresource (= 3.2.22.2)
      activesupport (= 3.2.22.2)
      bundler (~> 1.0)
      railties (= 3.2.22.2)
    railties (3.2.22.2)
      actionpack (= 3.2.22.2)
      activesupport (= 3.2.22.2)
      rack-ssl (~> 1.3.2)
      rake (>= 0.8.7)
      rdoc (~> 3.4)
      thor (>= 0.14.6, < 2.0)
    rake (11.2.2)
    rdoc (3.12.2)
      json (~> 1.4)
    simplecov (0.7.1)
      multi_json (~> 1.0)
      simplecov-html (~> 0.7.1)
    simplecov-html (0.7.1)
    sprockets (2.2.3)
      hike (~> 1.2)
      multi_json (~> 1.0)
      rack (~> 1.0)
      tilt (~> 1.1, != 1.3.0)
    strip_attributes (1.4.4)
      activemodel (>= 3.0, < 5.0)
    thor (0.19.1)
    tilt (1.4.1)
    treetop (1.4.15)
      polyglot
      polyglot (>= 0.3.1)
    tzinfo (0.3.50)
    uuidtools (2.1.4)
    will_paginate (3.0.5)
    will_paginate-bootstrap (0.2.5)
      will_paginate (>= 3.0.3)
    xpath (2.0.0)
      nokogiri (~> 1.3)

PLATFORMS
  ruby

DEPENDENCIES
  acts-as-taggable-on
  authlogic
  aws-sdk
  bluecloth
  browser
  capistrano
  capybara
  database_cleaner
  delorean
  exception_notification (= 3.0.1)
  factory_girl
  faker
  json
  mocha (= 0.13.3)
  mysql2
  nifty-generators
  paperclip
  rails (= 3.2.22.2)
  simplecov
  strip_attributes
  will_paginate
  will_paginate-bootstrap

BUNDLED WITH
   1.12.5
